PATH
  remote: .
  specs:
    sputnik (0.0.1)

GEM
  remote: https://rubygems.org/
  specs:
    diff-lcs (1.1.3)
    rspec (2.11.0)
      rspec-core (~> 2.11.0)
      rspec-expectations (~> 2.11.0)
      rspec-mocks (~> 2.11.0)
    rspec-core (2.11.1)
    rspec-expectations (2.11.2)
      diff-lcs (~> 1.1.3)
    rspec-mocks (2.11.1)
    rspec-spies (2.1.3)
      rspec (~> 2.0)

PLATFORMS
  ruby

DEPENDENCIES
  rspec
  rspec-spies
  sputnik!
